GEM
  remote: https://rubygems.org/
  specs:
    aasm (3.2.1)
    dotenv (2.0.1)
    erubis (2.7.0)
    foreman (0.78.0)
      thor (~> 0.19.1)
    htmlentities (4.3.3)
    mail (2.6.3)
      mime-types (>= 1.16, < 3)
    mime-types (2.5)
    mono_logger (1.1.0)
    multi_json (1.11.0)
    netrc (0.7.9)
    rack (1.6.0)
    rack-protection (1.5.3)
      rack
    rake (10.4.2)
    redis (3.2.1)
    redis-namespace (1.5.2)
      redis (~> 3.0, >= 3.0.4)
    resque (1.25.2)
      mono_logger (~> 1.0)
      multi_json (~> 1.0)
      redis-namespace (~> 1.3)
      sinatra (>= 0.9.2)
      vegas (~> 0.1.2)
    resque-retry (1.4.0)
      resque (~> 1.25)
      resque-scheduler (~> 4.0)
    resque-scheduler (4.0.0)
      mono_logger (~> 1.0)
      redis (~> 3.0)
      resque (~> 1.25)
      rufus-scheduler (~> 3.0)
    rest_client (1.8.3)
      netrc (~> 0.7.7)
    rufus-scheduler (3.1.1)
    shotgun (0.9.1)
      rack (>= 1.0)
    sinatra (1.4.6)
      rack (~> 1.4)
      rack-protection (~> 1.4)
      tilt (>= 1.3, < 3)
    thor (0.19.1)
    tilt (2.0.1)
    vegas (0.1.11)
      rack (>= 1.0.0)

PLATFORMS
  ruby

DEPENDENCIES
  aasm (~> 3.2.1)
  dotenv (~> 2.0.1)
  erubis (~> 2.7.0)
  foreman (~> 0.78.0)
  htmlentities (~> 4.3.3)
  mail (~> 2.6.3)
  rake (~> 10.4.2)
  redis (~> 3.2.1)
  resque (~> 1.25.2)
  resque-retry (~> 1.4.0)
  resque-scheduler (~> 4.0.0)
  rest_client (~> 1.8.3)
  shotgun
